PATH
  remote: .
  specs:
    jstreejs-rails (3.3.5.0)

GEM
  remote: https://rubygems.org/
  specs:
    rake (10.5.0)

PLATFORMS
  ruby

DEPENDENCIES
  bundler (~> 1.16)
  jstreejs-rails!
  rake (~> 10.0)

BUNDLED WITH
   1.16.1
